GEM
  remote: http://rubygems.org/
  remote: http://gems.github.com/
  specs:
    actionmailer (2.3.9)
      actionpack (= 2.3.9)
    actionpack (2.3.9)
      activesupport (= 2.3.9)
      rack (~> 1.1.0)
    activerecord (2.3.9)
      activesupport (= 2.3.9)
    activeresource (2.3.9)
      activesupport (= 2.3.9)
    activesupport (2.3.9)
    ambethia-recaptcha (0.2.2)
    authlogic (2.1.6)
      activesupport
    builder (2.1.2)
    calendar_date_select (1.16.1)
    cgi_multipart_eof_fix (2.5.0)
    columnize (0.3.2)
    cucumber (0.9.2)
      builder (~> 2.1.2)
      diff-lcs (~> 1.1.2)
      gherkin (~> 2.2.5)
      json (~> 1.4.6)
      term-ansicolor (~> 1.0.5)
    daemons (1.1.0)
    diff-lcs (1.1.2)
    facebooker (1.0.75)
      json_pure (>= 1.0.0)
    fastercsv (1.5.3)
    fastthread (1.0.7)
    feed-normalizer (1.5.2)
      hpricot (>= 0.6)
      simple-rss (>= 1.1)
    feedtools (0.2.29)
      activerecord (>= 1.10.1)
      builder (>= 1.2.4)
      uuidtools (>= 1.0.0)
    gem_plugin (0.2.3)
    geokit (1.5.0)
    gherkin (2.2.8)
      json (~> 1.4.6)
      term-ansicolor (~> 1.0.5)
    grackle (0.1.10)
      json
      mime-types
      oauth
    haml (3.0.18)
    hpricot (0.8.2)
    josevalim-rails-footnotes (3.6.2)
    json (1.4.6)
    json_pure (1.4.6)
    kete-tiny_mce (0.1.0)
    linecache (0.43)
    mime-types (1.16)
    mongrel (1.1.5)
      cgi_multipart_eof_fix (>= 2.4)
      daemons (>= 1.0.3)
      fastthread (>= 1.0.1)
      gem_plugin (>= 0.2.3)
    oauth (0.4.3)
    paperclip (2.3.3)
      activerecord
      activesupport
    pg (0.10.0)
    rack (1.1.0)
    rails (2.3.9)
      actionmailer (= 2.3.9)
      actionpack (= 2.3.9)
      activerecord (= 2.3.9)
      activeresource (= 2.3.9)
      activesupport (= 2.3.9)
      rake (>= 0.8.3)
    rake (0.8.7)
    random_data (1.5.1)
    ruby-debug (0.10.4)
      columnize (>= 0.1)
      ruby-debug-base (~> 0.10.4.0)
    ruby-debug-base (0.10.4)
      linecache (>= 0.3)
    simple-rss (1.2.3)
    term-ansicolor (1.0.5)
    typus (0.9.39)
    uuidtools (2.1.1)
    will_paginate (2.3.15)

PLATFORMS
  ruby

DEPENDENCIES
  ambethia-recaptcha
  authlogic
  calendar_date_select
  cucumber
  facebooker
  fastercsv
  feed-normalizer
  feedtools
  geokit
  grackle
  haml
  josevalim-rails-footnotes
  kete-tiny_mce
  mongrel
  paperclip
  pg
  rails (~> 2.3.9)
  random_data
  ruby-debug
  typus
  will_paginate
